GEM
  remote: https://rubygems.org/
  specs:
    faker (1.8.4)
      i18n (~> 0.5)
    i18n (0.8.6)

PLATFORMS
  ruby

DEPENDENCIES
  faker

BUNDLED WITH
   1.15.1
